GEM
  remote: https://rubygems.org/
  specs:
    language_server-protocol (3.17.0.3)
    prism (0.15.1)
    ruby-lsp (0.12.2)
      language_server-protocol (~> 3.17.0)
      prism (>= 0.15.1, < 0.16)
      sorbet-runtime (>= 0.5.5685)
    sorbet-runtime (0.5.11090)

PLATFORMS
  x64-mingw-ucrt

DEPENDENCIES
  debug
  ruby-lsp

BUNDLED WITH
   2.4.21
